GIT
  remote: https://github.com/songz/Opentok-Ruby-SDK
  revision: 01fe6abc66bfec4d10255cd58e5350a9c8d2fd45
  specs:
    opentok (0.0.7)

GEM
  remote: http://rubygems.org/
  specs:
    daemons (1.1.8)
    eventmachine (0.12.10)
    json (1.7.3)
    rack (1.4.1)
    rack-protection (1.2.0)
      rack
    sinatra (1.3.2)
      rack (~> 1.3, >= 1.3.6)
      rack-protection (~> 1.2)
      tilt (~> 1.3, >= 1.3.3)
    thin (1.3.1)
      daemons (>= 1.0.9)
      eventmachine (>= 0.12.6)
      rack (>= 1.0.0)
    tilt (1.3.3)

PLATFORMS
  ruby

DEPENDENCIES
  json
  opentok!
  sinatra
  thin
